GEM
  remote: https://rubygems.org/
  specs:
    activesupport (4.2.6)
      i18n (~> 0.7)
      json (~> 1.7, >= 1.7.7)
      minitest (~> 5.1)
      thread_safe (~> 0.3, >= 0.3.4)
      tzinfo (~> 1.1)
    clockwork (1.2.0)
      activesupport
      tzinfo
    domain_name (0.5.20160309)
      unf (>= 0.0.5, < 1.0.0)
    http-cookie (1.0.2)
      domain_name (~> 0.5)
    httpi (2.4.4)
      rack
      socksify
    i18n (0.7.0)
    json (1.8.3)
    mechanize (2.7.4)
      domain_name (~> 0.5, >= 0.5.1)
      http-cookie (~> 1.0)
      mime-types (>= 1.17.2, < 3)
      net-http-digest_auth (~> 1.1, >= 1.1.1)
      net-http-persistent (~> 2.5, >= 2.5.2)
      nokogiri (~> 1.6)
      ntlm-http (~> 0.1, >= 0.1.1)
      webrobots (>= 0.0.9, < 0.2)
    mime-types (2.99.1)
    mini_portile2 (2.3.0)
    minitest (5.8.4)
    net-http-digest_auth (1.4)
    net-http-persistent (2.9.4)
    nokogiri (1.8.5)
      mini_portile2 (~> 2.3.0)
    ntlm-http (0.1.1)
    overpass-api-ruby (0.2.3)
      httpi (~> 2.4.0)
    rack (2.0.6)
    rubyntlm (0.6.0)
    socksify (1.7.1)
    thread_safe (0.3.5)
    tzinfo (1.2.2)
      thread_safe (~> 0.1)
    unf (0.1.4)
      unf_ext
    unf_ext (0.0.7.2)
    webrobots (0.1.2)

PLATFORMS
  ruby

DEPENDENCIES
  clockwork
  json
  mechanize
  nokogiri (~> 1.6, >= 1.6.8.rc3)
  overpass-api-ruby (>= 0.1.3)
  rubyntlm (~> 0.6.0)

BUNDLED WITH
   1.16.6
