GEM
  remote: https://rubygems.org/
  specs:
    clockwork (2.0.3)
      tzinfo
    diskcached (1.1.2)
    domain_name (0.5.20160309)
      unf (>= 0.0.5, < 1.0.0)
    http-cookie (1.0.2)
      domain_name (~> 0.5)
    httpi (2.4.1)
      rack
    json (2.1.0)
    mechanize (2.7.4)
      domain_name (~> 0.5, >= 0.5.1)
      http-cookie (~> 1.0)
      mime-types (>= 1.17.2, < 3)
      net-http-digest_auth (~> 1.1, >= 1.1.1)
      net-http-persistent (~> 2.5, >= 2.5.2)
      nokogiri (~> 1.6)
      ntlm-http (~> 0.1, >= 0.1.1)
      webrobots (>= 0.0.9, < 0.2)
    mime-types (2.99.1)
    mini_portile2 (2.1.0)
    net-http-digest_auth (1.4)
    net-http-persistent (2.9.4)
    nokogiri (1.6.8.rc3)
      mini_portile2 (~> 2.1.0)
      pkg-config (~> 1.1.7)
    ntlm-http (0.1.1)
    overpass-api-ruby (0.1.3)
      diskcached
      httpi (~> 2.4.0)
      nokogiri
    pkg-config (1.1.7)
    rack (1.6.4)
    rubyntlm (0.6.0)
    thread_safe (0.3.6)
    tzinfo (1.2.5)
      thread_safe (~> 0.1)
    unf (0.1.4)
      unf_ext
    unf_ext (0.0.7.2)
    webrobots (0.1.2)

PLATFORMS
  ruby

DEPENDENCIES
  clockwork (>= 1.2.0)
  json
  mechanize
  nokogiri (~> 1.6, >= 1.6.8.rc3)
  overpass-api-ruby
  rubyntlm (~> 0.6.0)

BUNDLED WITH
   1.16.6
